GEM
  remote: https://rubygems.org/
  specs:
    geokit (1.5.0)
    haml (5.1.2)
      temple (>= 0.8.0)
      tilt
    json (2.3.0)
    mime-types (1.16)
    mustermann (1.0.3)
    newrelic_rpm (2.13.4)
    rack (2.0.8)
    rack-protection (2.0.7)
      rack
    rest-client (1.6.1)
      mime-types (>= 1.16)
    sinatra (2.0.7)
      mustermann (~> 1.0)
      rack (~> 2.0)
      rack-protection (= 2.0.7)
      tilt (~> 2.0)
    temple (0.8.2)
    tilt (2.0.10)

PLATFORMS
  ruby

DEPENDENCIES
  bundler (= 2.1.0)
  geokit
  haml (= 5.1.2)
  json (= 2.3.0)
  newrelic_rpm
  rest-client
  sinatra (= 2.0.7)

BUNDLED WITH
   2.1.0
